GEM
  remote: http://rubygems.org/
  specs:
    activesupport (4.2.5)
      i18n (~> 0.7)
      json (~> 1.7, >= 1.7.7)
      minitest (~> 5.1)
      thread_safe (~> 0.3, >= 0.3.4)
      tzinfo (~> 1.1)
    addressable (2.3.8)
    autoparse (0.3.3)
      addressable (>= 2.3.1)
      extlib (>= 0.9.15)
      multi_json (>= 1.0.0)
    cert (1.2.3)
      fastlane_core (>= 0.19.0, < 1.0.0)
      spaceship (>= 0.6.0)
    claide (0.9.1)
    coderay (1.1.0)
    colored (1.2)
    commander (4.6.0)
      highline (~> 2.0.0)
    credentials_manager (0.16.4)
      colored
      commander (>= 4.3.5)
      highline (>= 1.7.1)
      security
    deliver (1.5.1)
      credentials_manager (>= 0.9.0)
      fastimage (~> 1.6.3)
      fastlane_core (>= 0.19.0, < 1.0.0)
      plist (~> 3.1.0)
      spaceship (>= 0.14.0, <= 1.0.0)
    dotenv (2.0.2)
    excon (0.82.0)
    extlib (0.9.16)
    faraday (0.9.2)
      multipart-post (>= 1.2, < 3)
    faraday_middleware (0.10.0)
      faraday (>= 0.7.4, < 0.10)
    fastimage (1.6.8)
      addressable (~> 2.3, >= 2.3.5)
    fastlane (1.41.1)
      addressable (~> 2.3.8)
      cert (>= 1.2.3, < 2.0.0)
      credentials_manager (>= 0.10.0, < 1.0.0)
      deliver (>= 1.5.1, < 2.0.0)
      fastlane_core (>= 0.26.3, < 1.0.0)
      frameit (>= 2.3.0, < 3.0.0)
      gym (>= 1.1.5, < 2.0.0)
      krausefx-shenzhen (>= 0.14.6)
      pem (>= 1.0.1, < 2.0.0)
      pilot (>= 1.0.1, < 2.0.0)
      plist (~> 3.1.0)
      produce (>= 1.0.0, < 2.0.0)
      scan (>= 0.3.0, < 1.0.0)
      sigh (>= 1.1.3, < 2.0.0)
      slack-notifier (~> 1.3)
      snapshot (>= 1.1.1, < 2.0.0)
      spaceship (>= 0.14.2, < 1.0.0)
      supply (>= 0.2.1, < 1.0.0)
      terminal-notifier (~> 1.6.2)
      terminal-table (~> 1.4.5)
      xcode-install (~> 1.0.1)
      xcodeproj (>= 0.20, < 1.0.0)
      xcpretty (>= 0.2.1)
    fastlane_core (0.59.0)
      colored
      commander (>= 4.4.0, <= 5.0.0)
      credentials_manager (>= 0.16.2, < 1.0.0)
      excon (>= 0.45.0, < 1.0)
      gh_inspector (>= 1.0.1, < 2.0.0)
      highline (>= 1.7.2)
      json
      multi_json
      plist (>= 3.1.0, < 4.0.0)
      rubyzip (~> 1.1.6)
      terminal-table (>= 1.4.5, < 2.0.0)
    frameit (2.4.0)
      deliver (> 0.3)
      fastimage (~> 1.6.3)
      fastlane_core (>= 0.16.0, < 1.0.0)
      mini_magick (~> 4.0.2)
    gh_inspector (1.1.3)
    google-api-client (0.8.6)
      activesupport (>= 3.2)
      addressable (~> 2.3)
      autoparse (~> 0.3)
      extlib (~> 0.9)
      faraday (~> 0.9)
      googleauth (~> 0.3)
      launchy (~> 2.4)
      multi_json (~> 1.10)
      retriable (~> 1.4)
      signet (~> 0.6)
    googleauth (0.4.2)
      faraday (~> 0.9)
      jwt (~> 1.4)
      logging (~> 2.0)
      memoist (~> 0.12)
      multi_json (~> 1.11)
      signet (~> 0.6)
    gym (1.1.6)
      fastlane_core (>= 0.25.0, < 1.0.0)
      plist
      rubyzip (>= 1.1.7)
      terminal-table
      xcpretty (>= 0.2.1)
    highline (2.0.3)
    i18n (0.7.0)
    json (1.8.6)
    jwt (1.5.2)
    krausefx-shenzhen (0.14.6)
      commander (~> 4.3)
      dotenv (>= 0.7)
      faraday (~> 0.9)
      faraday_middleware (~> 0.9)
      highline (>= 1.7.2)
      json (~> 1.8)
      net-sftp (~> 2.1.2)
      plist (~> 3.1.0)
      rubyzip (~> 1.1)
      security (~> 0.1.3)
      terminal-table (~> 1.4.5)
    launchy (2.4.3)
      addressable (~> 2.3)
    little-plugger (1.1.4)
    logging (2.0.0)
      little-plugger (~> 1.1)
      multi_json (~> 1.10)
    memoist (0.12.0)
    method_source (0.8.2)
    mini_magick (4.0.4)
    minitest (5.8.3)
    multi_json (1.15.0)
    multi_xml (0.5.5)
    multipart-post (2.1.1)
    net-sftp (2.1.2)
      net-ssh (>= 2.6.5)
    net-ssh (3.0.1)
    pem (1.0.1)
      fastlane_core (>= 0.21.0, < 1.0.0)
      spaceship (>= 0.12.0, < 1.0.0)
    pilot (1.0.1)
      credentials_manager (>= 0.3.0)
      fastlane_core (>= 0.16.1, < 1.0.0)
      spaceship (>= 0.14.0, < 1.0.0)
      terminal-table (~> 1.4.5)
    plist (3.1.0)
    produce (1.0.0)
      fastlane_core (>= 0.22.3, < 1.0.0)
      spaceship (>= 0.12.0)
    pry (0.10.3)
      coderay (~> 1.1.0)
      method_source (~> 0.8.1)
      slop (~> 3.4)
    retriable (1.4.1)
    rouge (1.10.1)
    rubyzip (1.1.7)
    scan (0.3.2)
      fastlane_core (>= 0.26.6, < 1.0.0)
      slack-notifier (~> 1.3)
      terminal-table
      xcpretty (>= 0.2.1)
      xcpretty-travis-formatter (>= 0.0.3)
    security (0.1.5)
    sigh (1.1.3)
      fastlane_core (>= 0.19.0, < 1.0.0)
      plist (~> 3.1)
      spaceship (>= 0.12.3)
    signet (0.6.1)
      addressable (~> 2.3)
      extlib (~> 0.9)
      faraday (~> 0.9)
      jwt (~> 1.5)
      multi_json (~> 1.10)
    slack-notifier (1.4.0)
    slop (3.6.0)
    snapshot (1.2.1)
      fastimage (~> 1.6.3)
      fastlane_core (>= 0.21.0, < 1.0.0)
      plist (~> 3.1.0)
      xcpretty (>= 0.2.1)
    spaceship (0.14.2)
      colored
      credentials_manager (>= 0.9.0)
      faraday (~> 0.9)
      faraday_middleware (~> 0.9)
      fastimage (~> 1.6)
      multi_xml (~> 0.5)
      plist (~> 3.1)
      pry
    supply (0.2.2)
      credentials_manager (>= 0.10.0)
      fastlane_core (>= 0.19.0)
      google-api-client (~> 0.8.6)
    terminal-notifier (1.6.3)
    terminal-table (1.4.5)
    thread_safe (0.3.5)
    tzinfo (1.2.2)
      thread_safe (~> 0.1)
    xcode-install (1.0.1)
      claide (~> 0.9.1)
      spaceship (>= 0.13.0, < 1.0.0)
    xcodeproj (0.28.2)
      activesupport (>= 3)
      claide (~> 0.9.1)
      colored (~> 1.2)
    xcpretty (0.2.1)
      rouge (~> 1.8)
    xcpretty-travis-formatter (0.0.4)
      xcpretty (~> 0.2, >= 0.0.7)

PLATFORMS
  ruby

DEPENDENCIES
  fastlane

BUNDLED WITH
   1.10.6
